GEM
  remote: http://rubygems.org/
  specs:
    bson (1.8.2)
    bson_ext (1.8.2)
      bson (~> 1.8.2)
    coderay (1.0.8)
    daemons (1.1.9)
    eventmachine (1.0.0)
    foreman (0.61.0)
      thor (>= 0.13.6)
    json (1.7.7)
    method_source (0.8.1)
    mongo (1.8.2)
      bson (~> 1.8.2)
    nokogiri (1.5.6)
    pg (0.14.1)
    pry (0.9.12)
      coderay (~> 1.0.5)
      method_source (~> 0.8)
      slop (~> 3.4)
    rack (1.5.2)
    rack-protection (1.3.2)
      rack
    rake (10.0.3)
    sinatra (1.3.4)
      rack (~> 1.4)
      rack-protection (~> 1.3)
      tilt (~> 1.3, >= 1.3.3)
    slop (3.4.3)
    thin (1.5.0)
      daemons (>= 1.0.9)
      eventmachine (>= 0.12.6)
      rack (>= 1.0.0)
    thor (0.17.0)
    tilt (1.3.3)

PLATFORMS
  ruby

DEPENDENCIES
  bson_ext
  foreman
  json
  mongo
  nokogiri
  pg
  pry
  rake
  sinatra
  thin
