GEM
  remote: http://rubygems.org/
  specs:
    bson (1.8.1)
    bson_ext (1.8.1)
      bson (~> 1.8.1)
    coderay (1.0.8)
    daemons (1.1.9)
    eventmachine (1.0.0)
    foreman (0.60.2)
      thor (>= 0.13.6)
    json (1.7.6)
    method_source (0.8.1)
    mongo (1.8.1)
      bson (~> 1.8.1)
    nokogiri (1.5.5)
    pg (0.14.1)
    pry (0.9.10)
      coderay (~> 1.0.5)
      method_source (~> 0.8)
      slop (~> 3.3.1)
    rack (1.4.1)
    rack-protection (1.2.0)
      rack
    rake (10.0.2)
    sinatra (1.3.3)
      rack (~> 1.3, >= 1.3.6)
      rack-protection (~> 1.2)
      tilt (~> 1.3, >= 1.3.3)
    slop (3.3.3)
    thin (1.5.0)
      daemons (>= 1.0.9)
      eventmachine (>= 0.12.6)
      rack (>= 1.0.0)
    thor (0.16.0)
    tilt (1.3.3)

PLATFORMS
  ruby

DEPENDENCIES
  bson_ext
  foreman
  json
  mongo
  nokogiri
  pg
  pry
  rake
  sinatra
  thin
